PATH
  remote: ../md2indesign
  specs:
    md2indesign (0.0.0)
      kramdown (= 2.1.0)
      kramdown-parser-gfm (= 1.1.0)
      rouge (= 3.12.0)

GEM
  remote: https://rubygems.org/
  specs:
    kramdown (2.1.0)
    kramdown-parser-gfm (1.1.0)
      kramdown (~> 2.0)
    rouge (3.12.0)

PLATFORMS
  ruby

DEPENDENCIES
  md2indesign!

BUNDLED WITH
   2.0.2
