GIT
  remote: https://github.com/jxck/md2indesign.git
  revision: 3a20ba2b11b475074e5c33b86e9a423ed6e80dbb
  specs:
    md2indesign (0.0.2)
      kramdown (>= 2.3.0)
      kramdown-parser-gfm (= 1.1.0)
      rouge (= 3.12.0)

GEM
  remote: https://rubygems.org/
  specs:
    kramdown (2.3.1)
      rexml
    kramdown-parser-gfm (1.1.0)
      kramdown (~> 2.0)
    rexml (3.2.5)
    rouge (3.12.0)

PLATFORMS
  ruby

DEPENDENCIES
  md2indesign!

BUNDLED WITH
   2.2.15
