GIT
  remote: https://github.com/jxck/md2indesign.git
  revision: 2396abd0a484016160197bc72b8e1cbaaa0a79eb
  specs:
    md2indesign (0.0.2)
      kramdown (>= 2.3.0)
      kramdown-parser-gfm (= 1.1.0)
      rouge (= 3.12.0)

GEM
  remote: https://rubygems.org/
  specs:
    kramdown (2.3.0)
      rexml
    kramdown-parser-gfm (1.1.0)
      kramdown (~> 2.0)
    rexml (3.2.4)
    rouge (3.12.0)

PLATFORMS
  ruby

DEPENDENCIES
  md2indesign!

BUNDLED WITH
   2.1.2
