GIT
  remote: https://github.com/jxck/md2indesign.git
  revision: c1640b2c4536234963a2b1dd4cec3a3f30c618bd
  specs:
    md2indesign (0.0.0)
      kramdown (= 2.1.0)
      kramdown-parser-gfm (= 1.1.0)
      rouge (= 3.12.0)

GEM
  remote: https://rubygems.org/
  specs:
    kramdown (2.1.0)
    kramdown-parser-gfm (1.1.0)
      kramdown (~> 2.0)
    rouge (3.12.0)

PLATFORMS
  ruby

DEPENDENCIES
  md2indesign!

BUNDLED WITH
   2.1.2
