GIT
  remote: https://github.com/jxck/md2indesign.git
  revision: f6b1491bd19af27855b0fbf4c2e0374d8d678f62
  specs:
    md2indesign (0.0.2)
      kramdown (>= 2.3.0)
      kramdown-parser-gfm (= 1.1.0)
      rouge (= 3.12.0)

GEM
  remote: https://rubygems.org/
  specs:
    kramdown (2.3.1)
      rexml
    kramdown-parser-gfm (1.1.0)
      kramdown (~> 2.0)
    rexml (3.2.5)
    rouge (3.12.0)

PLATFORMS
  ruby

DEPENDENCIES
  md2indesign!

BUNDLED WITH
   2.2.15
