GEM
  remote: https://rubygems.org/
  specs:
    kramdown (2.1.0)
    kramdown-parser-gfm (1.1.0)
      kramdown (~> 2.0)
    rouge (3.8.0)

PLATFORMS
  ruby

DEPENDENCIES
  kramdown-parser-gfm
  rouge

BUNDLED WITH
   2.0.2
