GIT
  remote: https://github.com/jxck/md2indesign.git
  revision: 529099cda9cc059e7690a23a2717c66931ede1d0
  specs:
    md2indesign (0.0.0)
      kramdown (= 2.1.0)
      kramdown-parser-gfm (= 1.1.0)
      rouge (= 3.12.0)

GEM
  remote: https://rubygems.org/
  specs:
    kramdown (2.1.0)
    kramdown-parser-gfm (1.1.0)
      kramdown (~> 2.0)
    rouge (3.12.0)

PLATFORMS
  ruby

DEPENDENCIES
  md2indesign!

BUNDLED WITH
   2.0.2
